GEM
  remote: https://rubygems.org/
  specs:
    aws-eventstream (1.2.0)
    aws-partitions (1.689.0)
    aws-sdk-core (3.168.4)
      aws-eventstream (~> 1, >= 1.0.2)
      aws-partitions (~> 1, >= 1.651.0)
      aws-sigv4 (~> 1.5)
      jmespath (~> 1, >= 1.6.1)
    aws-sdk-sqs (1.52.1)
      aws-sdk-core (~> 3, >= 3.165.0)
      aws-sigv4 (~> 1.1)
    aws-sigv4 (1.5.2)
      aws-eventstream (~> 1, >= 1.0.2)
    concurrent-ruby (1.1.10)
    declarative (0.0.20)
    dry-core (1.0.0)
      concurrent-ruby (~> 1.0)
      zeitwerk (~> 2.6)
    dry-inflector (1.0.0)
    dry-logic (1.5.0)
      concurrent-ruby (~> 1.0)
      dry-core (~> 1.0, < 2)
      zeitwerk (~> 2.6)
    dry-struct (1.6.0)
      dry-core (~> 1.0, < 2)
      dry-types (>= 1.7, < 2)
      ice_nine (~> 0.11)
      zeitwerk (~> 2.6)
    dry-types (1.7.0)
      concurrent-ruby (~> 1.0)
      dry-core (~> 1.0, < 2)
      dry-inflector (~> 1.0, < 2)
      dry-logic (>= 1.4, < 2)
      zeitwerk (~> 2.6)
    figaro (1.2.0)
      thor (>= 0.14.0, < 2)
    hirb (0.7.3)
    hirb-unicode (0.0.5)
      hirb (~> 0.5)
      unicode-display_width (~> 0.1.1)
    ice_nine (0.11.2)
    jmespath (1.6.2)
    multi_json (1.15.0)
    pg (1.4.5)
    rack (3.0.3)
    representable (3.2.0)
      declarative (< 0.1.0)
      trailblazer-option (>= 0.1.1, < 0.2.0)
      uber (< 0.2.0)
    roar (1.1.1)
      representable (~> 3.0)
    roda (3.63.0)
      rack
    sequel (5.64.0)
    sqlite3 (1.5.4-x86_64-linux)
    thor (1.2.1)
    trailblazer-option (0.1.2)
    uber (0.1.0)
    unicode-display_width (0.1.1)
    zeitwerk (2.6.6)

PLATFORMS
  x86_64-linux

DEPENDENCIES
  aws-sdk-sqs (~> 1.48)
  dry-struct (~> 1)
  dry-types (~> 1)
  figaro (~> 1.2)
  hirb (~> 0)
  hirb-unicode (~> 0)
  multi_json
  pg
  roar
  roda
  sequel (~> 5.49)
  sqlite3

RUBY VERSION
   ruby 3.1.2p20

BUNDLED WITH
   2.3.7
