GEM
  remote: https://rubygems.org/
  specs:
    aws-eventstream (1.2.0)
    aws-partitions (1.686.0)
    aws-sdk-core (3.168.4)
      aws-eventstream (~> 1, >= 1.0.2)
      aws-partitions (~> 1, >= 1.651.0)
      aws-sigv4 (~> 1.5)
      jmespath (~> 1, >= 1.6.1)
    aws-sdk-sqs (1.52.1)
      aws-sdk-core (~> 3, >= 3.165.0)
      aws-sigv4 (~> 1.1)
    aws-sigv4 (1.5.2)
      aws-eventstream (~> 1, >= 1.0.2)
    declarative (0.0.20)
    figaro (1.2.0)
      thor (>= 0.14.0, < 2)
    hirb (0.7.3)
    hirb-unicode (0.0.5)
      hirb (~> 0.5)
      unicode-display_width (~> 0.1.1)
    jmespath (1.6.2)
    multi_json (1.15.0)
    pg (1.4.5)
    representable (3.2.0)
      declarative (< 0.1.0)
      trailblazer-option (>= 0.1.1, < 0.2.0)
      uber (< 0.2.0)
    roar (1.1.1)
      representable (~> 3.0)
    sequel (5.64.0)
    sqlite3 (1.5.4-x86_64-linux)
    thor (1.2.1)
    trailblazer-option (0.1.2)
    uber (0.1.0)
    unicode-display_width (0.1.1)

PLATFORMS
  x86_64-linux

DEPENDENCIES
  aws-sdk-sqs (~> 1.48)
  figaro (~> 1.2)
  hirb (~> 0)
  hirb-unicode (~> 0)
  multi_json
  pg
  roar
  sequel (~> 5.49)
  sqlite3

RUBY VERSION
   ruby 3.1.2p20

BUNDLED WITH
   2.3.7
